GEM
  remote: https://rubygems.org/
  specs:
    rake (10.4.2)
    redstorm (0.6.6)
      rake

PLATFORMS
  java

DEPENDENCIES
  redstorm (~> 0.6.6)
